PATH
  remote: .
  specs:
    fast_digits (0.1.0)

GEM
  remote: https://rubygems.org/
  specs:
    minitest (5.11.1)
    rake (10.5.0)
    rake-compiler (1.0.4)
      rake

PLATFORMS
  ruby

DEPENDENCIES
  bundler (~> 1.16)
  fast_digits!
  minitest (~> 5.0)
  rake (~> 10.0)
  rake-compiler

BUNDLED WITH
   1.16.1
